GEM
  remote: http://rubygems.org/
  specs:
    diff-lcs (1.1.3)
    ref (1.0.2)
    rspec (2.12.0)
      rspec-core (~> 2.12.0)
      rspec-expectations (~> 2.12.0)
      rspec-mocks (~> 2.12.0)
    rspec-core (2.12.1)
    rspec-expectations (2.12.0)
      diff-lcs (~> 1.1.3)
    rspec-mocks (2.12.0)
    sequel (3.42.0)

PLATFORMS
  java
  ruby

DEPENDENCIES
  ref (~> 1.0.2)
  rspec (~> 2.12.0)
  sequel (~> 3.42.0)
